GIT
  remote: https://github.com/skrix/rblineprof.git
  revision: 82414e60af5a7135bc90882bbb7bd3c69c9f639c
  specs:
    rblineprof (0.3.7)
      debugger-ruby_core_source (~> 1.3)

PATH
  remote: .
  specs:
    rack-lineprof (0.0.4)
      rack (>= 1.5)
      rblineprof
      term-ansicolor (~> 1.3)

GEM
  remote: https://rubygems.org/
  specs:
    debugger-ruby_core_source (1.3.8)
    rack (2.0.8)
    sync (0.5.0)
    term-ansicolor (1.7.1)
      tins (~> 1.0)
    tins (1.24.0)
      sync

PLATFORMS
  ruby

DEPENDENCIES
  rack-lineprof!
  rblineprof!

BUNDLED WITH
   2.0.2
